GEM
  remote: http://rubygems.org/
  specs:
    erubis (2.7.0)
    json (1.7.6)

PLATFORMS
  ruby

DEPENDENCIES
  erubis
  json
